GEM
  specs:
    ast (2.4.2)
    minitest (5.14.4)
    parallel (1.20.1)
    parser (3.0.1.0)
      ast (~> 2.4.1)
    rainbow (3.0.0)
    rbs (1.0.4)
    redis (4.2.5)
    regexp_parser (2.1.1)
    rexml (3.2.5)
    rubocop (1.13.0)
      parallel (~> 1.10)
      parser (>= 3.0.0.0)
      rainbow (>= 2.2.2, < 4.0)
      regexp_parser (>= 1.8, < 3.0)
      rexml
      rubocop-ast (>= 1.2.0, < 2.0)
      ruby-progressbar (~> 1.7)
      unicode-display_width (>= 1.4.0, < 3.0)
    rubocop-ast (1.4.1)
      parser (>= 2.7.1.5)
    rubocop-minitest (0.12.1)
      rubocop (>= 0.90, < 2.0)
    rubocop-performance (1.11.0)
      rubocop (>= 1.7.0, < 2.0)
      rubocop-ast (>= 0.4.0)
    ruby-progressbar (1.11.0)
    unicode-display_width (2.0.0)

PLATFORMS
  arm64-darwin-20

DEPENDENCIES
  minitest
  rbs
  redis
  rubocop
  rubocop-minitest
  rubocop-performance

BUNDLED WITH
   2.2.16
